GEM
  remote: https://rubygems.org/
  specs:
    kramdown (2.3.0)
      rexml
    kramdown-parser-gfm (1.1.0)
      kramdown (~> 2.0)
    mdl (0.7.0)
      kramdown (~> 2.0)
      kramdown-parser-gfm (~> 1.0)
      mixlib-cli (~> 2.1, >= 2.1.1)
      mixlib-config (>= 2.2.1, < 4)
    mixlib-cli (2.1.6)
    mixlib-config (3.0.6)
      tomlrb
    rexml (3.2.4)
    tomlrb (1.3.0)

PLATFORMS
  ruby

DEPENDENCIES
  mdl (= 0.7.0)

BUNDLED WITH
   1.17.3
